GEM
  remote: https://rubygems.org/
  specs:
    bcrypt_pbkdf (1.0.1-x64-mingw32)
    ed25519 (1.2.4)
    net-scp (2.0.0)
      net-ssh (>= 2.6.5, < 6.0.0)
    net-ssh (5.2.0)

PLATFORMS
  x64-mingw32

DEPENDENCIES
  bcrypt_pbkdf
  ed25519
  net-scp
  net-ssh

BUNDLED WITH
   1.17.2
